GIT
  remote: git://github.com/bradphelan/jasminerice.git
  revision: 091349c27343bfa728b8e5745675f9ddbb7d9699
  specs:
    jasminerice (0.1.0)
      coffee-rails

GEM
  remote: https://rubygems.org/
  specs:
    Ascii85 (1.0.2)
    actionmailer (4.0.13)
      actionpack (= 4.0.13)
      mail (~> 2.5, >= 2.5.4)
    actionpack (4.0.13)
      activesupport (= 4.0.13)
      builder (~> 3.1.0)
      erubis (~> 2.7.0)
      rack (~> 1.5.2)
      rack-test (~> 0.6.2)
    actionpack-action_caching (1.2.0)
      actionpack (>= 4.0.0, < 6)
    activemodel (4.0.13)
      activesupport (= 4.0.13)
      builder (~> 3.1.0)
    activerecord (4.0.13)
      activemodel (= 4.0.13)
      activerecord-deprecated_finders (~> 1.0.2)
      activesupport (= 4.0.13)
      arel (~> 4.0.0)
    activerecord-deprecated_finders (1.0.4)
    activerecord-session_store (1.1.1)
      actionpack (>= 4.0)
      activerecord (>= 4.0)
      multi_json (~> 1.11, >= 1.11.2)
      rack (>= 1.5.2, < 3)
      railties (>= 4.0)
    activeresource (4.1.0)
      activemodel (~> 4.0)
      activesupport (~> 4.0)
      rails-observers (~> 0.1.2)
    activesupport (4.0.13)
      i18n (~> 0.6, >= 0.6.9)
      minitest (~> 4.2)
      multi_json (~> 1.3)
      thread_safe (~> 0.1)
      tzinfo (~> 0.3.37)
    acts_as_list (0.2.0)
      activerecord (>= 3.0)
    addressable (2.3.5)
    afm (0.2.0)
    arel (4.0.2)
    autoparse (0.3.3)
      addressable (>= 2.3.1)
      extlib (>= 0.9.15)
      multi_json (>= 1.0.0)
    aws-sdk (1.15.0)
      json (~> 1.4)
      nokogiri (< 1.6.0)
      uuidtools (~> 2.1)
    bcrypt-ruby (3.0.1)
    builder (3.1.4)
    byebug (10.0.2)
    chargify_api_ares (0.4.4)
    childprocess (0.3.9)
      ffi (~> 1.0, >= 1.0.11)
    chronic (0.9.1)
    clbustos-rtf (0.5.0)
    climate_control (0.0.3)
      activesupport (>= 3.0)
    cocaine (0.5.1)
      climate_control (>= 0.0.3, < 1.0)
    coderay (1.0.9)
    coffee-rails (4.2.2)
      coffee-script (>= 2.2.0)
      railties (>= 4.0.0)
    coffee-script (2.4.1)
      coffee-script-source
      execjs
    coffee-script-source (1.12.2)
    concurrent-ruby (1.1.4)
    delorean (2.1.0)
      chronic
    dropbox-sdk (1.6.1)
      json
    ejs (1.1.1)
    erubis (2.7.0)
    exception_notification (2.6.1)
      actionmailer (>= 3.0.4)
    execjs (1.4.1)
      multi_json (~> 1.0)
    extlib (0.9.16)
    ey_config (0.0.6)
    factory_girl (4.2.0)
      activesupport (>= 3.0.0)
    factory_girl_rails (4.2.1)
      factory_girl (~> 4.2.0)
      railties (>= 3.0.0)
    faker (1.2.0)
      i18n (~> 0.5)
    faraday (0.8.8)
      multipart-post (~> 1.2.0)
    ffi (1.9.0)
    formatador (0.2.4)
    google-api-client (0.6.4)
      addressable (>= 2.3.2)
      autoparse (>= 0.3.3)
      extlib (>= 0.9.15)
      faraday (~> 0.8.4)
      jwt (>= 0.1.5)
      launchy (>= 2.1.1)
      multi_json (>= 1.0.0)
      signet (~> 0.4.5)
      uuidtools (>= 2.1.0)
    growl (1.0.3)
    guard (1.8.2)
      formatador (>= 0.2.4)
      listen (>= 1.0.0)
      lumberjack (>= 1.0.2)
      pry (>= 0.9.10)
      thor (>= 0.14.6)
    guard-jasmine (1.18.0)
      childprocess
      guard (>= 1.1.0)
      multi_json
      thor
      tilt
    guard-test (1.0.0)
      guard (>= 1.8)
      test-unit (~> 2.2)
    hashery (2.1.0)
    httparty (0.10.2)
      multi_json (~> 1.0)
      multi_xml (>= 0.5.2)
    i18n (0.9.5)
      concurrent-ruby (~> 1.0)
    icalendar (1.4.3)
    jbuilder (1.5.0)
      activesupport (>= 3.0.0)
      multi_json (>= 1.2.0)
    jquery-rails (2.1.4)
      railties (>= 3.0, < 5.0)
      thor (>= 0.14, < 2.0)
    jquery-ui-rails (2.0.2)
      jquery-rails
      railties (>= 3.1.0)
    json (1.8.3)
    jwt (0.1.8)
      multi_json (>= 1.5)
    launchy (2.3.0)
      addressable (~> 2.3)
    libv8 (3.16.14.19)
    listen (1.3.0)
      rb-fsevent (>= 0.9.3)
      rb-inotify (>= 0.9)
      rb-kqueue (>= 0.2)
    lumberjack (1.0.4)
    mail (2.7.1)
      mini_mime (>= 0.1.1)
    metaclass (0.0.1)
    method_source (0.8.2)
    mime-types (1.25.1)
    mini_mime (1.0.1)
    minitest (4.7.5)
    mocha (0.13.3)
      metaclass (~> 0.0.1)
    money (6.13.2)
      i18n (>= 0.6.4, <= 2)
    multi_json (1.13.1)
    multi_xml (0.5.5)
    multipart-post (1.2.0)
    mysql2 (0.3.21)
    newrelic_rpm (3.6.6.147)
    nokogiri (1.5.10)
    paperclip (3.5.1)
      activemodel (>= 3.0.0)
      activesupport (>= 3.0.0)
      cocaine (~> 0.5.0)
      mime-types
    pdf-reader (1.3.3)
      Ascii85 (~> 1.0.0)
      afm (~> 0.2.0)
      hashery (~> 2.0)
      ruby-rc4
      ttfunk
    prawn (0.12.0)
      pdf-reader (>= 0.9.0)
      ttfunk (~> 1.0.2)
    protected_attributes (1.1.4)
      activemodel (>= 4.0.1, < 5.0)
    pry (0.9.12.2)
      coderay (~> 1.0.5)
      method_source (~> 0.8)
      slop (~> 3.4)
    puma (2.7.1)
      rack (>= 1.1, < 2.0)
    pundit (0.2.1)
      activesupport (>= 3.0.0)
    rack (1.5.5)
    rack-test (0.6.3)
      rack (>= 1.0)
    rails (4.0.13)
      actionmailer (= 4.0.13)
      actionpack (= 4.0.13)
      activerecord (= 4.0.13)
      activesupport (= 4.0.13)
      bundler (>= 2.0)
      railties (= 4.0.13)
      sprockets-rails (~> 2.0)
    rails-observers (0.1.5)
      activemodel (>= 4.0)
    railties (4.0.13)
      actionpack (= 4.0.13)
      activesupport (= 4.0.13)
      rake (>= 0.8.7)
      thor (>= 0.18.1, < 2.0)
    rake (12.3.2)
    rb-fsevent (0.9.3)
    rb-inotify (0.9.1)
      ffi (>= 0.5.0)
    rb-kqueue (0.2.0)
      ffi (>= 0.5.0)
    rdiscount (2.1.7)
    ref (2.0.0)
    ruby-rc4 (0.1.5)
    sass (3.2.10)
    sass-rails (5.0.7)
      railties (>= 4.0.0, < 6)
      sass (~> 3.1)
      sprockets (>= 2.8, < 4.0)
      sprockets-rails (>= 2.0, < 4.0)
      tilt (>= 1.1, < 3)
    signet (0.4.5)
      addressable (>= 2.2.3)
      faraday (~> 0.8.1)
      jwt (>= 0.1.5)
      multi_json (>= 1.0.0)
    simplecov (0.7.1)
      multi_json (~> 1.0)
      simplecov-html (~> 0.7.1)
    simplecov-html (0.7.1)
    slop (3.4.6)
    sprockets (3.7.2)
      concurrent-ruby (~> 1.0)
      rack (> 1, < 3)
    sprockets-rails (2.3.3)
      actionpack (>= 3.0)
      activesupport (>= 3.0)
      sprockets (>= 2.8, < 4.0)
    test-unit (2.5.5)
    therubyracer (0.12.3)
      libv8 (~> 3.16.14.15)
      ref
    thor (0.20.3)
    thread_safe (0.3.6)
    tilt (2.0.9)
    ttfunk (1.0.3)
    tzinfo (0.3.55)
    uglifier (4.1.20)
      execjs (>= 0.3.0, < 3)
    uuidtools (2.1.4)
    wicked_pdf (0.9.6)
      rails
    will_paginate (3.0.4)

PLATFORMS
  ruby

DEPENDENCIES
  actionpack-action_caching
  activerecord-session_store
  activeresource
  acts_as_list (~> 0.2.0)
  aws-sdk
  bcrypt-ruby (~> 3.0.1)
  byebug
  chargify_api_ares (= 0.4.4)
  clbustos-rtf
  coffee-rails
  delorean
  dropbox-sdk (~> 1.6.1)
  ejs (~> 1.1.1)
  exception_notification (~> 2.6.1)
  execjs (~> 1.4.0)
  ey_config
  factory_girl_rails
  faker
  google-api-client (~> 0.6.4)
  growl
  guard-jasmine
  guard-test
  httparty (~> 0.10.2)
  icalendar
  jasminerice!
  jbuilder
  jquery-rails (~> 2.1.1)
  jquery-ui-rails (~> 2.0.0)
  mocha (~> 0.13.3)
  money
  mysql2 (~> 0.3.13)
  newrelic_rpm
  paperclip
  prawn (~> 0.12.0)
  protected_attributes
  puma
  pundit
  rails (~> 4.0.0)
  rails-observers
  rb-fsevent (~> 0.9)
  rdiscount
  sass-rails
  simplecov
  therubyracer
  uglifier
  wicked_pdf (= 0.9.6)
  will_paginate (~> 3.0.3)

BUNDLED WITH
   2.0.1
